GEM
  specs:
    coderay (1.1.3)
    method_source (1.0.0)
    nokogiri (1.14.0-x86_64-linux)
      racc (~> 1.4)
    pry (0.14.2)
      coderay (~> 1.1)
      method_source (~> 1.0)
    racc (1.5.2)
    regexp_parser (2.6.1)
    rexml (3.2.5)
    rubyzip (2.3.2)
    selenium-webdriver (4.7.1)
      rexml (~> 3.2, >= 3.2.5)
      rubyzip (>= 1.2.2, < 3.0)
      websocket (~> 1.0)
    watir (7.2.2)
      regexp_parser (>= 1.2, < 3)
      selenium-webdriver (~> 4.2)
    websocket (1.2.9)

PLATFORMS
  x86_64-linux

DEPENDENCIES
  nokogiri
  pry
  watir

RUBY VERSION
   ruby 3.0.4p208

BUNDLED WITH
   2.3.15
